PATH
  remote: .
  specs:
    blogue (0.0.5)
      rails (~> 4.0.1.rc1)

GEM
  remote: https://rubygems.org/
  specs:
    actionmailer (4.0.1.rc1)
      actionpack (= 4.0.1.rc1)
      mail (~> 2.5.4)
    actionpack (4.0.1.rc1)
      activesupport (= 4.0.1.rc1)
      builder (~> 3.1.0)
      erubis (~> 2.7.0)
      rack (~> 1.5.2)
      rack-test (~> 0.6.2)
    activemodel (4.0.1.rc1)
      activesupport (= 4.0.1.rc1)
      builder (~> 3.1.0)
    activerecord (4.0.1.rc1)
      activemodel (= 4.0.1.rc1)
      activerecord-deprecated_finders (~> 1.0.2)
      activesupport (= 4.0.1.rc1)
      arel (~> 4.0.0)
    activerecord-deprecated_finders (1.0.3)
    activesupport (4.0.1.rc1)
      i18n (~> 0.6, >= 0.6.4)
      minitest (~> 4.2)
      multi_json (~> 1.3)
      thread_safe (~> 0.1)
      tzinfo (~> 0.3.37)
    arel (4.0.1)
    atomic (1.1.14)
    builder (3.1.4)
    coderay (1.0.9)
    erubis (2.7.0)
    hike (1.2.3)
    i18n (0.6.5)
    kramdown (0.14.2)
    mail (2.5.4)
      mime-types (~> 1.16)
      treetop (~> 1.4.8)
    method_source (0.8.2)
    mime-types (1.25)
    minitest (4.7.5)
    multi_json (1.8.2)
    polyglot (0.3.3)
    pry (0.9.12.2)
      coderay (~> 1.0.5)
      method_source (~> 0.8)
      slop (~> 3.4)
    rack (1.5.2)
    rack-test (0.6.2)
      rack (>= 1.0)
    rails (4.0.1.rc1)
      actionmailer (= 4.0.1.rc1)
      actionpack (= 4.0.1.rc1)
      activerecord (= 4.0.1.rc1)
      activesupport (= 4.0.1.rc1)
      bundler (>= 1.3.0, < 2.0)
      railties (= 4.0.1.rc1)
      sprockets-rails (~> 2.0.0)
    railties (4.0.1.rc1)
      actionpack (= 4.0.1.rc1)
      activesupport (= 4.0.1.rc1)
      rake (>= 0.8.7)
      thor (>= 0.18.1, < 2.0)
    rake (10.1.0)
    rouge (1.0.0)
    slop (3.4.6)
    sprockets (2.10.0)
      hike (~> 1.2)
      multi_json (~> 1.0)
      rack (~> 1.0)
      tilt (~> 1.1, != 1.3.0)
    sprockets-rails (2.0.1)
      actionpack (>= 3.0)
      activesupport (>= 3.0)
      sprockets (~> 2.8)
    thor (0.18.1)
    thread_safe (0.1.3)
      atomic
    tilt (1.4.1)
    treetop (1.4.15)
      polyglot
      polyglot (>= 0.3.1)
    tzinfo (0.3.38)

PLATFORMS
  ruby

DEPENDENCIES
  blogue!
  kramdown
  pry
  rouge
